PATH
  remote: .
  specs:
    simp-webrick (0.0.1)
      puppet (~> 6.0)

GEM
  remote: https://rubygems.org/
  specs:
    byebug (11.1.3)
    coderay (1.1.3)
    concurrent-ruby (1.1.7)
    deep_merge (1.2.1)
    facter (4.0.46)
      hocon (~> 1.3)
      thor (>= 1.0.1, < 2.0)
    fast_gettext (1.8.0)
    hiera (3.6.0)
    hocon (1.3.1)
    httpclient (2.8.3)
    locale (2.1.3)
    method_source (1.0.0)
    multi_json (1.15.0)
    pry (0.13.1)
      coderay (~> 1.1)
      method_source (~> 1.0)
    pry-byebug (3.9.0)
      byebug (~> 11.0)
      pry (~> 0.13.0)
    puppet (6.19.1)
      concurrent-ruby (~> 1.0)
      deep_merge (~> 1.0)
      facter (> 2.0.1, < 5)
      fast_gettext (~> 1.1)
      hiera (>= 3.2.1, < 4)
      httpclient (~> 2.8)
      locale (~> 2.1)
      multi_json (~> 1.10)
      puppet-resource_api (~> 1.5)
      semantic_puppet (~> 1.0)
    puppet-resource_api (1.8.13)
      hocon (>= 1.0)
    rack (2.2.3)
    semantic_puppet (1.0.2)
    thor (1.0.1)

PLATFORMS
  ruby

DEPENDENCIES
  pry
  pry-byebug
  puppet (~> 6.0)
  rack
  simp-webrick!

BUNDLED WITH
   1.17.3
