PATH
  remote: .
  specs:
    simp-webrick (0.0.1)
      puppet (~> 6.0)

GEM
  remote: https://rubygems.org/
  specs:
    coderay (1.1.2)
    facter (2.5.5)
    fast_gettext (1.8.0)
    hiera (3.5.0)
    hocon (1.2.5)
    httpclient (2.8.3)
    locale (2.1.2)
    method_source (0.9.2)
    multi_json (1.13.1)
    pry (0.12.2)
      coderay (~> 1.1.0)
      method_source (~> 0.9.0)
    puppet (6.8.0)
      facter (> 2.0.1, < 4)
      fast_gettext (~> 1.1)
      hiera (>= 3.2.1, < 4)
      httpclient (~> 2.8)
      locale (~> 2.1)
      multi_json (~> 1.10)
      puppet-resource_api (~> 1.5)
      semantic_puppet (~> 1.0)
    puppet-resource_api (1.8.6)
      hocon (>= 1.0)
    semantic_puppet (1.0.2)

PLATFORMS
  ruby

DEPENDENCIES
  pry
  puppet (~> 6.0)
  simp-webrick!

BUNDLED WITH
   2.0.2
